NUGET
  remote: https://api.nuget.org/v3/index.json
    Expecto (9.0.2)
      FSharp.Core (>= 4.6) - restriction: || (>= net461) (>= netstandard2.0)
      Mono.Cecil (>= 0.11.2) - restriction: || (>= net461) (>= netstandard2.0)
    FSharp.Core (5.0) - restriction: || (>= net461) (>= netstandard2.0)
    Mono.Cecil (0.11.3) - restriction: || (>= net461) (>= netstandard2.0)
